{
  "AcquisitionMatrixPE": 74,
  "AcquisitionNumber": 1,
  "AcquisitionTime": "18:03:30.892500",
  "BandwidthPerPixelPhaseEncode": 25.497,
  "BaseResolution": 74,
  "BodyPartExamined": "BRAIN",
  "CoilCombinationMethod": "Sum of Squares",
  "ConsistencyInfo": "N4_VE11C_LATEST_20160120",
  "ConversionSoftware": "dcm2niix",
  "ConversionSoftwareVersion": "v1.0.20220720",
  "DerivedVendorReportedEchoSpacing": 0.000530004,
  "DeviceSerialNumber": "45031",
  "DwellTime": 3e-06,
  "EchoTime": 0.028,
  "EchoTrainLength": 74,
  "EffectiveEchoSpacing": 0.000530004,
  "FlipAngle": 80,
  "HeudiconvVersion": "0.12.2",
  "ImageOrientationPatientDICOM": [0.995644, 0.0864064, 0.0350339, -0.0885085, 0.994036, 0.0637072],
  "ImageOrientationText": "Tra>Cor(3.8)>Sag(1.7)",
  "ImageType": [
    "ORIGINAL",
    "PRIMARY",
    "M",
    "ND",
    "MOSAIC"
],
  "ImagingFrequency": 123.25,
  "InPlanePhaseEncodingDirectionDICOM": "COL",
  "InstitutionAddress": "Washington and Faculty Rd. - Building 25 25,Princeton,NJ,US,08540",
  "InstitutionName": "Princeton University - Neuroscience Institute",
  "InstitutionalDepartmentName": "Department",
  "MRAcquisitionType": "2D",
  "MagneticFieldStrength": 3,
  "Manufacturer": "Siemens",
  "ManufacturersModelName": "Skyra",
  "Modality": "MR",
  "MultibandAccelerationFactor": 2,
  "NonlinearGradientCorrection": false,
  "PartialFourier": 1,
  "PatientPosition": "HFS",
  "PercentPhaseFOV": 100,
  "PercentSampling": 100,
  "PhaseEncodingDirection": "j-",
  "PhaseEncodingSteps": 74,
  "PhaseResolution": 1,
  "PixelBandwidth": 2250,
  "ProcedureStepDescription": "NormaL_Robert^Tangrams",
  "ProtocolName": "func_task-Repeated_run-02",
  "PulseSequenceDetails": "%SiemensSeq%\\ep2d_bold",
  "ReceiveCoilActiveElements": "HC2,4,6,7;NC2",
  "ReceiveCoilName": "HeadNeck_64",
  "ReconMatrixPE": 74,
  "RefLinesPE": 12,
  "RepetitionTime": 1.5,
  "SAR": 0.08475,
  "ScanOptions": "FS",
  "ScanningSequence": "EP",
  "SequenceName": "*epfid2d1_74",
  "SequenceVariant": "SK",
  "SeriesDescription": "func_task-Repeated_run-02",
  "SeriesNumber": 14,
  "ShimSetting": [3385, 8793, 9426, 618, -67, 598, 102, 309],
  "SliceThickness": 3,
  "SliceTiming": [0.7075, 0, 0.7725, 0.065, 0.8375, 0.13, 0.9, 0.1925, 0.965, 0.2575, 1.03, 0.3225, 1.095, 0.3875, 1.1575, 0.45, 1.2225, 0.515, 1.2875, 0.58, 1.3525, 0.645, 1.415, 0.7075, 0, 0.7725, 0.065, 0.8375, 0.13, 0.9, 0.1925, 0.965, 0.2575, 1.03, 0.3225, 1.095, 0.3875, 1.1575, 0.45, 1.2225, 0.515, 1.2875, 0.58, 1.3525, 0.645, 1.415],
  "SoftwareVersions": "syngo MR E11",
  "SpacingBetweenSlices": 3,
  "StationName": "AWP45031",
  "TaskName": "Repeated",
  "TotalReadoutTime": 0.0386903,
  "TxRefAmp": 302.977,
  "dcmmeta_affine": [
    [-2.986931324005127, -0.2655255198478699, 0.0879608765244484, 125.5667495727539],
    [-0.25921905040740967, 2.9821081161499023, 0.19959144294261932, -144.6007843017578],
    [0.1051018163561821, -0.19112160801887512, 2.992060422897339, -49.0838737487793],
    [0.0, 0.0, 0.0, 1.0]
],
  "dcmmeta_reorient_transform": [
    [0.0, -1.0, 0.0, 73.0],
    [1.0, 0.0, 0.0, 0.0],
    [0.0, 0.0, 1.0, 0.0],
    [0.0, 0.0, 0.0, 1.0]
],
  "dcmmeta_shape": [74, 74, 46, 79],
  "dcmmeta_slice_dim": 2,
  "dcmmeta_version": 0.6,
  "global": {
    "const": {
      "AcquisitionMatrix": [74, 0, 0, 74],
      "AngioFlag": "N",
      "BitsAllocated": 16,
      "BitsStored": 12,
      "BodyPartExamined": "BRAIN",
      "Columns": 518,
      "EchoNumbers": 1,
      "EchoTime": 28.0,
      "EchoTrainLength": 74,
      "FlipAngle": 80.0,
      "HighBit": 11,
      "ImageOrientationPatient": [0.99564379428798, 0.08640635369268, 0.0350339397923, -0.0885085046414, 0.99403603413877, 0.06370720084748],
      "ImagePositionPatient": [-710.3354912102, -792.66774062458, -128.7973515066],
      "ImageType": [
        "ORIGINAL",
        "PRIMARY",
        "M",
        "ND",
        "MOSAIC"
],
      "ImagedNucleus": "1H",
      "ImagingFrequency": 123.250217,
      "InPlanePhaseEncodingDirection": "COL",
      "MRAcquisitionType": "2D",
      "MagneticFieldStrength": 3.0,
      "Manufacturer": "SIEMENS",
      "ManufacturerModelName": "Skyra",
      "Modality": "MR",
      "NumberOfAverages": 1.0,
      "NumberOfPhaseEncodingSteps": 74,
      "PercentPhaseFieldOfView": 100.0,
      "PercentSampling": 100.0,
      "PerformedProcedureStepStartTime": "164425.072000",
      "PhotometricInterpretation": "MONOCHROME2",
      "PixelBandwidth": 2250.0,
      "PixelRepresentation": 0,
      "PixelSpacing": [3.0, 3.0],
      "ProtocolName": "func_task-Repeated_run-02",
      "RepetitionTime": 1500.0,
      "Rows": 518,
      "SAR": 0.08474998941349,
      "SamplesPerPixel": 1,
      "ScanOptions": "FS",
      "ScanningSequence": "EP",
      "SequenceName": "*epfid2d1_74",
      "SequenceVariant": "SK",
      "SeriesDescription": "func_task-Repeated_run-02",
      "SeriesNumber": 14,
      "SeriesTime": "180332.471000",
      "SliceLocation": -54.892680405882,
      "SliceThickness": 3.0,
      "SmallestImagePixelValue": 0,
      "SoftwareVersions": "syngo MR E11",
      "SpacingBetweenSlices": 2.9999999929759,
      "SpecificCharacterSet": "ISO_IR 100",
      "StudyID": "1",
      "StudyTime": "164424.914000",
      "TransmitCoilName": "Body",
      "VariableFlipAngleFlag": "N",
      "WindowCenterWidthExplanation": "Algo1",
      "dBdt": 0.0},
    "slices": {}
  },
  "time": {
    "samples": {
      "AcquisitionNumber": [1, 2, 3, 4, 5, 6, 7, 8, 9, 10, 11, 12, 13, 14, 15, 16, 17, 18, 19, 20, 21, 22, 23, 24, 25, 26, 27, 28, 29, 30, 31, 32, 33, 34, 35, 36, 37, 38, 39, 40, 41, 42, 43, 44, 45, 46, 47, 48, 49, 50, 51, 52, 53, 54, 55, 56, 57, 58, 59, 60, 61, 62, 63, 64, 65, 66, 67, 68, 69, 70, 71, 72, 73, 74, 75, 76, 77, 78, 79],
      "AcquisitionTime": ["180330.892500", "180332.392500", "180333.892500", "180335.392500", "180336.892500", "180338.392500", "180339.892500", "180341.392500", "180342.892500", "180344.392500", "180345.892500", "180347.392500", "180348.892500", "180350.392500", "180351.892500", "180353.392500", "180354.892500", "180356.392500", "180357.892500", "180359.392500", "180400.892500", "180402.392500", "180403.892500", "180405.392500", "180406.892500", "180408.392500", "180409.892500", "180411.392500", "180412.892500", "180414.392500", "180415.892500", "180417.392500", "180418.892500", "180420.392500", "180421.892500", "180423.392500", "180424.892500", "180426.392500", "180427.892500", "180429.392500", "180430.892500", "180432.392500", "180433.892500", "180435.392500", "180436.892500", "180438.392500", "180439.892500", "180441.392500", "180442.892500", "180444.392500", "180445.892500", "180447.392500", "180448.892500", "180450.392500", "180451.892500", "180453.392500", "180454.892500", "180456.392500", "180457.892500", "180459.392500", "180500.892500", "180502.392500", "180503.892500", "180505.392500", "180506.892500", "180508.392500", "180509.892500", "180511.392500", "180512.892500", "180514.392500", "180515.892500", "180517.392500", "180518.892500", "180520.392500", "180521.892500", "180523.392500", "180524.892500", "180526.392500", "180527.892500"],
      "ContentTime": ["180332.475000", "180333.969000", "180335.470000", "180336.970000", "180338.470000", "180339.970000", "180341.470000", "180342.970000", "180344.470000", "180345.970000", "180347.470000", "180348.970000", "180350.469000", "180351.969000", "180353.470000", "180354.970000", "180356.470000", "180357.970000", "180359.470000", "180400.970000", "180402.470000", "180403.970000", "180405.470000", "180406.970000", "180408.469000", "180409.970000", "180411.470000", "180412.970000", "180414.470000", "180415.970000", "180417.470000", "180418.970000", "180420.470000", "180421.970000", "180423.470000", "180424.970000", "180426.469000", "180427.970000", "180429.470000", "180430.970000", "180432.470000", "180433.970000", "180435.470000", "180436.970000", "180438.470000", "180439.970000", "180441.470000", "180442.969000", "180444.469000", "180445.970000", "180447.470000", "180448.970000", "180450.470000", "180451.970000", "180453.470000", "180454.970000", "180456.470000", "180457.970000", "180459.470000", "180500.969000", "180502.470000", "180503.970000", "180505.470000", "180506.970000", "180508.470000", "180509.970000", "180511.470000", "180512.970000", "180514.470000", "180515.970000", "180517.470000", "180518.969000", "180520.470000", "180521.970000", "180523.470000", "180524.970000", "180526.470000", "180527.970000", "180529.470000"],
      "InstanceCreationTime": ["180332.475000", "180333.969000", "180335.470000", "180336.970000", "180338.470000", "180339.970000", "180341.470000", "180342.970000", "180344.470000", "180345.970000", "180347.470000", "180348.970000", "180350.469000", "180351.969000", "180353.470000", "180354.970000", "180356.470000", "180357.970000", "180359.470000", "180400.970000", "180402.470000", "180403.970000", "180405.470000", "180406.970000", "180408.469000", "180409.970000", "180411.470000", "180412.970000", "180414.470000", "180415.970000", "180417.470000", "180418.970000", "180420.470000", "180421.970000", "180423.470000", "180424.970000", "180426.469000", "180427.970000", "180429.470000", "180430.970000", "180432.470000", "180433.970000", "180435.470000", "180436.970000", "180438.470000", "180439.970000", "180441.470000", "180442.969000", "180444.469000", "180445.970000", "180447.470000", "180448.970000", "180450.470000", "180451.970000", "180453.470000", "180454.970000", "180456.470000", "180457.970000", "180459.470000", "180500.969000", "180502.470000", "180503.970000", "180505.470000", "180506.970000", "180508.470000", "180509.970000", "180511.470000", "180512.970000", "180514.470000", "180515.970000", "180517.470000", "180518.969000", "180520.470000", "180521.970000", "180523.470000", "180524.970000", "180526.470000", "180527.970000", "180529.470000"],
      "InstanceNumber": [1, 2, 3, 4, 5, 6, 7, 8, 9, 10, 11, 12, 13, 14, 15, 16, 17, 18, 19, 20, 21, 22, 23, 24, 25, 26, 27, 28, 29, 30, 31, 32, 33, 34, 35, 36, 37, 38, 39, 40, 41, 42, 43, 44, 45, 46, 47, 48, 49, 50, 51, 52, 53, 54, 55, 56, 57, 58, 59, 60, 61, 62, 63, 64, 65, 66, 67, 68, 69, 70, 71, 72, 73, 74, 75, 76, 77, 78, 79],
      "LargestImagePixelValue": [2608, 2597, 2487, 2482, 2281, 2435, 2314, 2465, 2315, 2390, 2343, 2320, 2302, 2302, 2295, 2303, 2314, 2668, 2496, 2203, 2612, 2433, 2501, 2321, 2320, 2289, 2355, 2318, 2314, 2362, 2461, 2416, 2222, 2432, 2353, 2344, 2385, 2359, 2359, 2318, 2269, 2220, 2306, 2287, 2279, 2272, 2270, 2275, 2305, 2252, 2297, 2296, 2317, 2314, 2319, 2323, 2331, 2295, 2279, 2267, 2264, 2260, 2277, 2497, 2314, 2484, 2363, 2395, 2402, 2372, 2356, 2371, 2481, 2386, 2366, 2395, 2363, 2390, 2376],
      "WindowCenter": [648.0, 647.0, 643.0, 635.0, 628.0, 642.0, 633.0, 649.0, 624.0, 637.0, 636.0, 636.0, 636.0, 635.0, 635.0, 634.0, 634.0, 638.0, 645.0, 616.0, 637.0, 631.0, 639.0, 632.0, 638.0, 633.0, 633.0, 632.0, 631.0, 616.0, 624.0, 642.0, 622.0, 633.0, 630.0, 631.0, 633.0, 633.0, 633.0, 633.0, 637.0, 633.0, 635.0, 634.0, 634.0, 635.0, 635.0, 635.0, 635.0, 636.0, 636.0, 637.0, 638.0, 639.0, 638.0, 638.0, 639.0, 637.0, 639.0, 638.0, 637.0, 637.0, 636.0, 640.0, 630.0, 649.0, 642.0, 641.0, 644.0, 643.0, 642.0, 642.0, 641.0, 641.0, 640.0, 641.0, 640.0, 641.0, 641.0],
      "WindowWidth": [1418.0, 1416.0, 1406.0, 1385.0, 1366.0, 1403.0, 1381.0, 1423.0, 1356.0, 1389.0, 1388.0, 1387.0, 1387.0, 1386.0, 1385.0, 1382.0, 1382.0, 1394.0, 1410.0, 1339.0, 1388.0, 1373.0, 1394.0, 1376.0, 1393.0, 1380.0, 1379.0, 1376.0, 1373.0, 1337.0, 1357.0, 1403.0, 1353.0, 1379.0, 1371.0, 1373.0, 1379.0, 1379.0, 1379.0, 1380.0, 1392.0, 1380.0, 1385.0, 1383.0, 1384.0, 1385.0, 1385.0, 1384.0, 1386.0, 1388.0, 1389.0, 1390.0, 1392.0, 1396.0, 1394.0, 1394.0, 1394.0, 1391.0, 1397.0, 1393.0, 1392.0, 1391.0, 1389.0, 1398.0, 1372.0, 1423.0, 1403.0, 1401.0, 1408.0, 1405.0, 1402.0, 1402.0, 1401.0, 1401.0, 1399.0, 1400.0, 1399.0, 1400.0, 1402.0]
    },
    "slices": {}
  }
}