{
  "AcquisitionMatrixPE": 74,
  "AcquisitionNumber": 1,
  "AcquisitionTime": "11:57:45.180000",
  "BandwidthPerPixelPhaseEncode": 25.497,
  "BaseResolution": 74,
  "BodyPartExamined": "BRAIN",
  "CoilCombinationMethod": "Sum of Squares",
  "ConsistencyInfo": "N4_VE11C_LATEST_20160120",
  "ConversionSoftware": "dcm2niix",
  "ConversionSoftwareVersion": "v1.0.20220720",
  "DerivedVendorReportedEchoSpacing": 0.000530004,
  "DeviceSerialNumber": "66018",
  "DwellTime": 3e-06,
  "EchoTime": 0.028,
  "EchoTrainLength": 74,
  "EffectiveEchoSpacing": 0.000530004,
  "FlipAngle": 80,
  "HeudiconvVersion": "0.12.2",
  "ImageOrientationPatientDICOM": [-0.0622749, 0.997751, -0.0247784, -0.0132412, -0.0256504, -0.999583],
  "ImageOrientationText": "Sag>Cor(-3.6)>Tra(0.8)",
  "ImageType": [
    "ORIGINAL",
    "PRIMARY",
    "M",
    "ND",
    "MOSAIC"
],
  "ImagingFrequency": 123.168,
  "InPlanePhaseEncodingDirectionDICOM": "ROW",
  "InstitutionAddress": "Stadium 1952,Princeton,NJ,US,08544",
  "InstitutionName": "Princeton University",
  "InstitutionalDepartmentName": "NeuroScience",
  "MRAcquisitionType": "2D",
  "MagneticFieldStrength": 3,
  "Manufacturer": "Siemens",
  "ManufacturersModelName": "Prisma",
  "Modality": "MR",
  "MultibandAccelerationFactor": 2,
  "NonlinearGradientCorrection": false,
  "PartialFourier": 1,
  "PatientPosition": "HFS",
  "PercentPhaseFOV": 100,
  "PercentSampling": 100,
  "PhaseEncodingDirection": "i",
  "PhaseEncodingSteps": 74,
  "PhaseResolution": 1,
  "PixelBandwidth": 2250,
  "ProcedureStepDescription": "NormaL_Robert^Tangrams",
  "ProtocolName": "func_task-Repeated_run-04",
  "PulseSequenceDetails": "%SiemensSeq%\\ep2d_bold",
  "ReceiveCoilActiveElements": "HC1-7",
  "ReceiveCoilName": "HeadNeck_64",
  "ReconMatrixPE": 74,
  "RefLinesPE": 12,
  "RepetitionTime": 2.27,
  "SAR": 0.0709141,
  "ScanOptions": "FS",
  "ScanningSequence": "EP",
  "SequenceName": "*epfid2d1_74",
  "SequenceVariant": "SK",
  "SeriesDescription": "func_task-Repeated_run-04",
  "SeriesNumber": 28,
  "ShimSetting": [749, 484, 2010, 400, -94, -327, 262, 73],
  "SliceThickness": 3,
  "SliceTiming": [1.0925, 0, 1.1575, 0.065, 1.22, 0.1275, 1.285, 0.1925, 1.35, 0.2575, 1.415, 0.32, 1.4775, 0.385, 1.5425, 0.45, 1.6075, 0.515, 1.67, 0.5775, 1.735, 0.6425, 1.8, 0.7075, 1.8625, 0.77, 1.9275, 0.835, 1.9925, 0.9, 2.0575, 0.965, 2.12, 1.0275, 2.185, 1.0925, 0, 1.1575, 0.065, 1.22, 0.1275, 1.285, 0.1925, 1.35, 0.2575, 1.415, 0.32, 1.4775, 0.385, 1.5425, 0.45, 1.6075, 0.515, 1.67, 0.5775, 1.735, 0.6425, 1.8, 0.7075, 1.8625, 0.77, 1.9275, 0.835, 1.9925, 0.9, 2.0575, 0.965, 2.12, 1.0275, 2.185],
  "SoftwareVersions": "syngo MR E11",
  "SpacingBetweenSlices": 3,
  "StationName": "AWP66018",
  "TaskName": "Repeated",
  "TotalReadoutTime": 0.0386903,
  "TxRefAmp": 239.472,
  "dcmmeta_affine": [
    [0.18682464957237244, -0.039723485708236694, -2.9939136505126953, 99.8792953491211],
    [-2.9932541847229004, -0.07695113867521286, -0.18576250970363617, 116.10908508300781],
    [-0.07433530688285828, 2.9987497329711914, -0.044426288455724716, -123.18217468261719],
    [0.0, 0.0, 0.0, 1.0]
],
  "dcmmeta_reorient_transform": [
    [0.0, -1.0, 0.0, 73.0],
    [1.0, 0.0, 0.0, 0.0],
    [0.0, 0.0, 1.0, 0.0],
    [0.0, 0.0, 0.0, 1.0]
],
  "dcmmeta_shape": [74, 74, 70, 155],
  "dcmmeta_slice_dim": 2,
  "dcmmeta_version": 0.6,
  "global": {
    "const": {
      "AcquisitionMatrix": [0, 74, 74, 0],
      "AngioFlag": "N",
      "BitsAllocated": 16,
      "BitsStored": 12,
      "BodyPartExamined": "BRAIN",
      "Columns": 666,
      "EchoNumbers": 1,
      "EchoTime": 28.0,
      "EchoTrainLength": 74,
      "FlipAngle": 80.0,
      "HighBit": 11,
      "ImageOrientationPatient": [-0.0622748810882, 0.9977514060481, -0.0247784364819, -0.0132411618497, -0.0256503798308, -0.9995832779951],
      "ImagePositionPatient": [-29.921236105502, -973.71736322513, 1005.3597660163],
      "ImageType": [
        "ORIGINAL",
        "PRIMARY",
        "M",
        "ND",
        "MOSAIC"
],
      "ImagedNucleus": "1H",
      "ImagingFrequency": 123.167552,
      "InPlanePhaseEncodingDirection": "ROW",
      "MRAcquisitionType": "2D",
      "MagneticFieldStrength": 3.0,
      "Manufacturer": "SIEMENS",
      "ManufacturerModelName": "Prisma",
      "Modality": "MR",
      "NumberOfAverages": 1.0,
      "NumberOfPhaseEncodingSteps": 74,
      "PercentPhaseFieldOfView": 100.0,
      "PercentSampling": 100.0,
      "PerformedProcedureStepStartTime": "093329.673000",
      "PhotometricInterpretation": "MONOCHROME2",
      "PixelBandwidth": 2250.0,
      "PixelRepresentation": 0,
      "PixelSpacing": [3.0, 3.0],
      "ProtocolName": "func_task-Repeated_run-04",
      "RepetitionTime": 2270.0,
      "Rows": 666,
      "SAR": 0.07091407731261,
      "SamplesPerPixel": 1,
      "ScanOptions": "FS",
      "ScanningSequence": "EP",
      "SequenceName": "*epfid2d1_74",
      "SequenceVariant": "SK",
      "SeriesDescription": "func_task-Repeated_run-04",
      "SeriesNumber": 28,
      "SeriesTime": "115747.049000",
      "SliceLocation": -105.04205721653,
      "SliceThickness": 3.0,
      "SmallestImagePixelValue": 0,
      "SoftwareVersions": "syngo MR E11",
      "SpacingBetweenSlices": 3.0000000362059,
      "SpecificCharacterSet": "ISO_IR 100",
      "StudyID": "1",
      "StudyTime": "093329.545000",
      "TransmitCoilName": "Body",
      "VariableFlipAngleFlag": "N",
      "WindowCenterWidthExplanation": "Algo1",
      "dBdt": 0.0},
