{
  "AcquisitionMatrixPE": 74,
  "AcquisitionNumber": 1,
  "AcquisitionTime": "15:20:27.892500",
  "BandwidthPerPixelPhaseEncode": 25.497,
  "BaseResolution": 74,
  "BodyPartExamined": "BRAIN",
  "CoilCombinationMethod": "Sum of Squares",
  "ConsistencyInfo": "N4_VE11C_LATEST_20160120",
  "ConversionSoftware": "dcm2niix",
  "ConversionSoftwareVersion": "v1.0.20220720",
  "DerivedVendorReportedEchoSpacing": 0.000530004,
  "DeviceSerialNumber": "66018",
  "DwellTime": 3e-06,
  "EchoTime": 0.028,
  "EchoTrainLength": 74,
  "EffectiveEchoSpacing": 0.000530004,
  "FlipAngle": 80,
  "HeudiconvVersion": "0.12.2",
  "ImageOrientationPatientDICOM": [0.999937, -0.0104035, 0.00412646, 0.0106463, 0.997895, -0.0639765],
  "ImageOrientationText": "Tra>Cor(-3.7)>Sag(0.2)",
  "ImageType": [
    "ORIGINAL",
    "PRIMARY",
    "M",
    "ND",
    "MOSAIC"
],
  "ImagingFrequency": 123.168,
  "InPlanePhaseEncodingDirectionDICOM": "COL",
  "InstitutionAddress": "Stadium 1952,Princeton,NJ,US,08544",
  "InstitutionName": "Princeton University",
  "InstitutionalDepartmentName": "NeuroScience",
  "MRAcquisitionType": "2D",
  "MagneticFieldStrength": 3,
  "Manufacturer": "Siemens",
  "ManufacturersModelName": "Prisma",
  "Modality": "MR",
  "MultibandAccelerationFactor": 2,
  "NonlinearGradientCorrection": false,
  "PartialFourier": 1,
  "PatientPosition": "HFS",
  "PercentPhaseFOV": 100,
  "PercentSampling": 100,
  "PhaseEncodingDirection": "j-",
  "PhaseEncodingSteps": 74,
  "PhaseResolution": 1,
  "PixelBandwidth": 2250,
  "ProcedureStepDescription": "NormaL_Robert^Tangrams",
  "ProtocolName": "func_task-PostExposure_run-01",
  "PulseSequenceDetails": "%SiemensSeq%\\ep2d_bold",
  "ReceiveCoilActiveElements": "HC1-7",
  "ReceiveCoilName": "HeadNeck_64",
  "ReconMatrixPE": 74,
  "RefLinesPE": 12,
  "RepetitionTime": 1.5,
  "SAR": 0.0511934,
  "ScanOptions": "FS",
  "ScanningSequence": "EP",
  "SequenceName": "*epfid2d1_74",
  "SequenceVariant": "SK",
  "SeriesDescription": "func_task-PostExposure_run-01",
  "SeriesNumber": 16,
  "ShimSetting": [743, 526, 2009, 591, 17, 87, -46, 38],
  "SliceThickness": 3,
  "SliceTiming": [0.7075, 0, 0.7725, 0.065, 0.8375, 0.13, 0.9, 0.1925, 0.965, 0.2575, 1.03, 0.3225, 1.095, 0.3875, 1.1575, 0.45, 1.2225, 0.515, 1.2875, 0.58, 1.3525, 0.645, 1.415, 0.7075, 0, 0.7725, 0.065, 0.8375, 0.13, 0.9, 0.1925, 0.965, 0.2575, 1.03, 0.3225, 1.095, 0.3875, 1.1575, 0.45, 1.2225, 0.515, 1.2875, 0.58, 1.3525, 0.645, 1.415],
  "SoftwareVersions": "syngo MR E11",
  "SpacingBetweenSlices": 3,
  "StationName": "AWP66018",
  "TaskName": "PostExposure",
  "TotalReadoutTime": 0.0386903,
  "TxRefAmp": 220.307,
  "dcmmeta_affine": [
    [-2.999812126159668, 0.03193887323141098, 0.010356570594012737, 111.45364379882812],
    [0.03121059387922287, 2.9936838150024414, -0.19204933941364288, -99.33367919921875],
    [0.012379379011690617, 0.19192956387996674, 2.993828773498535, -89.59850311279297],
    [0.0, 0.0, 0.0, 1.0]
],
  "dcmmeta_reorient_transform": [
    [0.0, -1.0, 0.0, 73.0],
    [1.0, 0.0, 0.0, 0.0],
    [0.0, 0.0, 1.0, 0.0],
    [0.0, 0.0, 0.0, 1.0]
],
  "dcmmeta_shape": [74, 74, 46, 172],
  "dcmmeta_slice_dim": 2,
  "dcmmeta_version": 0.6,
  "global": {
    "const": {
      "AcquisitionMatrix": [74, 0, 0, 74],
      "AngioFlag": "N",
      "BitsAllocated": 16,
      "BitsStored": 12,
      "BodyPartExamined": "BRAIN",
      "Columns": 518,
      "EchoNumbers": 1,
      "EchoTime": 28.0,
      "EchoTrainLength": 74,
      "FlipAngle": 80.0,
      "HighBit": 11,
      "ImageOrientationPatient": [0.99993736747144, -0.0104035314106, 0.00412645955814, 0.01064629130308, 0.99789461414757, -0.0639765233251],
      "ImagePositionPatient": [-786.833899253, -776.87430412048, -35.727503260706],
      "ImageType": [
        "ORIGINAL",
        "PRIMARY",
        "M",
        "ND",
        "MOSAIC"
],
      "ImagedNucleus": "1H",
      "ImagingFrequency": 123.167717,
      "InPlanePhaseEncodingDirection": "COL",
      "MRAcquisitionType": "2D",
      "MagneticFieldStrength": 3.0,
      "Manufacturer": "SIEMENS",
      "ManufacturerModelName": "Prisma",
      "Modality": "MR",
      "NumberOfAverages": 1.0,
      "NumberOfPhaseEncodingSteps": 74,
      "PercentPhaseFieldOfView": 100.0,
      "PercentSampling": 100.0,
      "PerformedProcedureStepStartTime": "124001.241000",
      "PhotometricInterpretation": "MONOCHROME2",
      "PixelBandwidth": 2250.0,
      "PixelRepresentation": 0,
      "PixelSpacing": [3.0, 3.0],
      "ProtocolName": "func_task-PostExposure_run-01",
      "RepetitionTime": 1500.0,
      "Rows": 518,
      "SAR": 0.05119338407865,
      "SamplesPerPixel": 1,
      "ScanOptions": "FS",
      "ScanningSequence": "EP",
      "SequenceName": "*epfid2d1_74",
      "SequenceVariant": "SK",
      "SeriesDescription": "func_task-PostExposure_run-01",
      "SeriesNumber": 16,
      "SeriesTime": "152029.458000",
      "SliceLocation": -82.670440454174,
      "SliceThickness": 3.0,
      "SmallestImagePixelValue": 0,
      "SoftwareVersions": "syngo MR E11",
      "SpacingBetweenSlices": 3.0000000508258,
      "SpecificCharacterSet": "ISO_IR 100",
      "StudyID": "1",
      "StudyTime": "124001.133000",
      "TransmitCoilName": "Body",
      "VariableFlipAngleFlag": "N",
      "WindowCenterWidthExplanation": "Algo1",
      "dBdt": 0.0},
