{
  "AcquisitionMatrixPE": 74,
  "AcquisitionNumber": 1,
  "AcquisitionTime": "13:20:4.810000",
  "BandwidthPerPixelPhaseEncode": 25.497,
  "BaseResolution": 74,
  "BodyPartExamined": "BRAIN",
  "CoilCombinationMethod": "Sum of Squares",
  "ConsistencyInfo": "N4_VE11C_LATEST_20160120",
  "ConversionSoftware": "dcm2niix",
  "ConversionSoftwareVersion": "v1.0.20220720",
  "DerivedVendorReportedEchoSpacing": 0.000530004,
  "DeviceSerialNumber": "45031",
  "DwellTime": 3e-06,
  "EchoTime": 0.028,
  "EchoTrainLength": 74,
  "EffectiveEchoSpacing": 0.000530004,
  "FlipAngle": 80,
  "HeudiconvVersion": "0.12.2",
  "ImageOrientationPatientDICOM": [0.998062, 0.0368194, -0.0501602, -0.0376439, 0.99917, -0.0155932],
  "ImageOrientationText": "Tra>Sag(-2.8)>Cor(-1.0)",
  "ImageType": [
    "ORIGINAL",
    "PRIMARY",
    "M",
    "ND",
    "MOSAIC"
],
  "ImagingFrequency": 123.25,
  "InPlanePhaseEncodingDirectionDICOM": "COL",
  "InstitutionAddress": "Washington and Faculty Rd. - Building 25 25,Princeton,NJ,US,08540",
  "InstitutionName": "Princeton University - Neuroscience Institute",
  "InstitutionalDepartmentName": "Department",
  "MRAcquisitionType": "2D",
  "MagneticFieldStrength": 3,
  "Manufacturer": "Siemens",
  "ManufacturersModelName": "Skyra",
  "Modality": "MR",
  "MultibandAccelerationFactor": 2,
  "NonlinearGradientCorrection": false,
  "PartialFourier": 1,
  "PatientPosition": "HFS",
  "PercentPhaseFOV": 100,
  "PercentSampling": 100,
  "PhaseEncodingDirection": "j-",
  "PhaseEncodingSteps": 74,
  "PhaseResolution": 1,
  "PixelBandwidth": 2250,
  "ProcedureStepDescription": "NormaL_Robert^Tangrams",
  "ProtocolName": "func_task-PostExposure_run-01",
  "PulseSequenceDetails": "%SiemensSeq%\\ep2d_bold",
  "ReceiveCoilActiveElements": "HC1-7",
  "ReceiveCoilName": "HeadNeck_64",
  "ReconMatrixPE": 74,
  "RefLinesPE": 12,
  "RepetitionTime": 1.5,
  "SAR": 0.0734774,
  "ScanOptions": "FS",
  "ScanningSequence": "EP",
  "SequenceName": "*epfid2d1_74",
  "SequenceVariant": "SK",
  "SeriesDescription": "func_task-PostExposure_run-01",
  "SeriesNumber": 19,
  "ShimSetting": [3379, 8714, 9243, 516, -54, -511, 1, 249],
  "SliceThickness": 3,
  "SliceTiming": [0.7075, 0, 0.7725, 0.0625, 0.835, 0.1275, 0.9, 0.1925, 0.965, 0.2575, 1.0275, 0.32, 1.0925, 0.385, 1.1575, 0.45, 1.2225, 0.515, 1.285, 0.5775, 1.35, 0.6425, 1.415, 0.7075, 0, 0.7725, 0.0625, 0.835, 0.1275, 0.9, 0.1925, 0.965, 0.2575, 1.0275, 0.32, 1.0925, 0.385, 1.1575, 0.45, 1.2225, 0.515, 1.285, 0.5775, 1.35, 0.6425, 1.415],
  "SoftwareVersions": "syngo MR E11",
  "SpacingBetweenSlices": 3,
  "StationName": "AWP45031",
  "TaskName": "PostExposure",
  "TotalReadoutTime": 0.0386903,
  "TxRefAmp": 300.529,
  "dcmmeta_affine": [
    [-2.9941868782043457, -0.11293178051710129, -0.14863333106040955, 117.48072814941406],
    [-0.11045819520950317, 2.9975085258483887, -0.052353739738464355, -117.26945495605469],
    [-0.1504807025194168, 0.046779703348875046, 2.9958584308624268, -46.59428405761719],
    [0.0, 0.0, 0.0, 1.0]
],
  "dcmmeta_reorient_transform": [
    [0.0, -1.0, 0.0, 73.0],
    [1.0, 0.0, 0.0, 0.0],
    [0.0, 0.0, 1.0, 0.0],
    [0.0, 0.0, 0.0, 1.0]
],
  "dcmmeta_shape": [74, 74, 46, 168],
  "dcmmeta_slice_dim": 2,
  "dcmmeta_version": 0.6,
  "global": {
    "const": {
      "AcquisitionMatrix": [74, 0, 0, 74],
      "AngioFlag": "N",
      "BitsAllocated": 16,
      "BitsStored": 12,
      "BodyPartExamined": "BRAIN",
      "Columns": 518,
      "EchoNumbers": 1,
      "EchoTime": 28.0,
      "EchoTrainLength": 74,
      "FlipAngle": 80.0,
      "HighBit": 11,
      "ImageOrientationPatient": [0.99806226394177, 0.03681939910211, -0.0501602347003, -0.0376439266537, 0.99916954808812, -0.0155932344136],
      "ImagePositionPatient": [-748.87531998445, -791.51731554652, 0.61244486060941],
      "ImageType": [
        "ORIGINAL",
        "PRIMARY",
        "M",
        "ND",
        "MOSAIC"
],
      "ImagedNucleus": "1H",
      "ImagingFrequency": 123.250222,
      "InPlanePhaseEncodingDirection": "COL",
      "MRAcquisitionType": "2D",
      "MagneticFieldStrength": 3.0,
      "Manufacturer": "SIEMENS",
      "ManufacturerModelName": "Skyra",
      "Modality": "MR",
      "NumberOfAverages": 1.0,
      "NumberOfPhaseEncodingSteps": 74,
      "PercentPhaseFieldOfView": 100.0,
      "PercentSampling": 100.0,
      "PerformedProcedureStepStartTime": "113905.273000",
      "PhotometricInterpretation": "MONOCHROME2",
      "PixelBandwidth": 2250.0,
      "PixelRepresentation": 0,
      "PixelSpacing": [3.0, 3.0],
      "ProtocolName": "func_task-PostExposure_run-01",
      "RepetitionTime": 1500.0,
      "Rows": 518,
      "SAR": 0.07347739917719,
      "SamplesPerPixel": 1,
      "ScanOptions": "FS",
      "ScanningSequence": "EP",
      "SequenceName": "*epfid2d1_74",
      "SequenceVariant": "SK",
      "SeriesDescription": "func_task-PostExposure_run-01",
      "SeriesNumber": 19,
      "SeriesTime": "132006.418000",
      "SliceLocation": -50.303977348513,
      "SliceThickness": 3.0,
      "SmallestImagePixelValue": 0,
      "SoftwareVersions": "syngo MR E11",
      "SpacingBetweenSlices": 2.9999999964386,
      "SpecificCharacterSet": "ISO_IR 100",
      "StudyID": "1",
      "StudyTime": "113905.121000",
      "TransmitCoilName": "Body",
      "VariableFlipAngleFlag": "N",
      "WindowCenterWidthExplanation": "Algo1",
      "dBdt": 0.0},
