{
  "AcquisitionMatrixPE": 74,
  "AcquisitionNumber": 1,
  "AcquisitionTime": "12:46:2.400000",
  "BandwidthPerPixelPhaseEncode": 25.497,
  "BaseResolution": 74,
  "BodyPartExamined": "BRAIN",
  "ConsistencyInfo": "N4_VE11C_LATEST_20160120",
  "ConversionSoftware": "dcm2niix",
  "ConversionSoftwareVersion": "v1.0.20190410  GCC6.3.0",
  "DerivedVendorReportedEchoSpacing": 0.000530004,
  "DeviceSerialNumber": "45031",
  "DwellTime": 3e-06,
  "EchoTime": 0.028,
  "EchoTrainLength": 74,
  "EffectiveEchoSpacing": 0.000530004,
  "FlipAngle": 80,
  "ImageOrientationPatientDICOM": [0.999547, 0.0300489, -0.00159646, -0.0294912, 0.988778, 0.146452],
  "ImageType": [
    "ORIGINAL",
    "PRIMARY",
    "M",
    "ND",
    "MOSAIC"
],
  "ImagingFrequency": 123.25,
  "InPlanePhaseEncodingDirectionDICOM": "COL",
  "InstitutionAddress": "Washington_and_Faculty_Rd._-_Building_25_25_Princeton_NJ_US_08540",
  "InstitutionName": "Princeton_University_-_Neuroscience_Institute",
  "InstitutionalDepartmentName": "Department",
  "MRAcquisitionType": "2D",
  "MagneticFieldStrength": 3,
  "Manufacturer": "Siemens",
  "ManufacturersModelName": "Skyra",
  "Modality": "MR",
  "MultibandAccelerationFactor": 2,
  "PartialFourier": 1,
  "PatientPosition": "HFS",
  "PercentPhaseFOV": 100,
  "PhaseEncodingDirection": "j-",
  "PhaseEncodingSteps": 74,
  "PhaseResolution": 1,
  "PixelBandwidth": 2250,
  "ProcedureStepDescription": "NormaL_Robert_Tangrams",
  "ProtocolName": "func_task-PostExposure_run-01",
  "PulseSequenceDetails": "%SiemensSeq%_ep2d_bold",
  "ReceiveCoilActiveElements": "HC1-7",
  "ReceiveCoilName": "HeadNeck_64",
  "ReconMatrixPE": 74,
  "RefLinesPE": 12,
  "RepetitionTime": 1.5,
  "SAR": 0.0883357,
  "ScanOptions": "FS",
  "ScanningSequence": "EP",
  "SequenceName": "_epfid2d1_74",
  "SequenceVariant": "SK",
  "SeriesDescription": "func_task-PostExposure_run-01",
  "SeriesNumber": 15,
  "ShimSetting": [3357, 8679, 9336, 646, -116, -794, 548, 292],
  "SliceThickness": 3,
  "SliceTiming": [0.7075, 0, 0.7725, 0.065, 0.8375, 0.13, 0.9025, 0.195, 0.965, 0.2575, 1.03, 0.3225, 1.095, 0.3875, 1.16, 0.4525, 1.2225, 0.515, 1.2875, 0.58, 1.3525, 0.645, 1.4175, 0.7075, 0, 0.7725, 0.065, 0.8375, 0.13, 0.9025, 0.195, 0.965, 0.2575, 1.03, 0.3225, 1.095, 0.3875, 1.16, 0.4525, 1.2225, 0.515, 1.2875, 0.58, 1.3525, 0.645, 1.4175],
  "SoftwareVersions": "syngo_MR_E11",
  "SpacingBetweenSlices": 3,
  "StationName": "AWP45031",
  "TaskName": "PostExposure",
  "TotalReadoutTime": 0.0386903,
  "TxRefAmp": 310.502,
  "dcmmeta_affine": [
    [-2.9986414909362793, -0.08847362548112869, -0.01793774403631687, 114.05473327636719],
    [-0.09014658629894257, 2.966334342956543, 0.43901461362838745, -109.62315368652344],
    [-0.004789377562701702, -0.439354807138443, 2.9676496982574463, -35.032047271728516],
    [0.0, 0.0, 0.0, 1.0]
],
  "dcmmeta_reorient_transform": [
    [0.0, -1.0, 0.0, 73.0],
    [1.0, 0.0, 0.0, 0.0],
    [0.0, 0.0, 1.0, 0.0],
    [0.0, 0.0, 0.0, 1.0]
],
  "dcmmeta_shape": [74, 74, 46, 171],
  "dcmmeta_slice_dim": 2,
  "dcmmeta_version": 0.6,
  "global": {
    "const": {
      "AcquisitionMatrix": [74, 0, 0, 74],
      "AngioFlag": "N",
      "BitsAllocated": 16,
      "BitsStored": 12,
      "BodyPartExamined": "BRAIN",
      "Columns": 518,
      "EchoNumbers": 1,
      "EchoTime": 28.0,
      "EchoTrainLength": 74,
      "FlipAngle": 80.0,
      "HighBit": 11,
      "ImageOrientationPatient": [0.99954715607726, 0.0300488618077, -0.0015964591843, -0.0294912083755, 0.98877813281246, 0.14645160531882],
      "ImagePositionPatient": [-753.65341687252, -785.45803210288, -163.57847622599],
      "ImageType": [
        "ORIGINAL",
        "PRIMARY",
        "M",
        "ND",
        "MOSAIC"
],
      "ImagedNucleus": "1H",
      "ImagingFrequency": 123.25029,
      "InPlanePhaseEncodingDirection": "COL",
      "MRAcquisitionType": "2D",
      "MagneticFieldStrength": 3.0,
      "Manufacturer": "SIEMENS",
      "ManufacturerModelName": "Skyra",
      "Modality": "MR",
      "NumberOfAverages": 1.0,
      "NumberOfPhaseEncodingSteps": 74,
      "PercentPhaseFieldOfView": 100.0,
      "PercentSampling": 100.0,
      "PerformedProcedureStepStartTime": "105242.481000",
      "PhotometricInterpretation": "MONOCHROME2",
      "PixelBandwidth": 2250.0,
      "PixelRepresentation": 0,
      "PixelSpacing": [3.0, 3.0],
      "ProtocolName": "func_task-PostExposure_run-01",
      "RepetitionTime": 1500.0,
      "Rows": 518,
      "SAR": 0.08833569910173,
      "SamplesPerPixel": 1,
      "ScanOptions": "FS",
      "ScanningSequence": "EP",
      "SequenceName": "*epfid2d1_74",
      "SequenceVariant": "SK",
      "SeriesDescription": "func_task-PostExposure_run-01",
      "SeriesNumber": 15,
      "SeriesTime": "124603.933000",
      "SliceLocation": -51.378298427351,
      "SliceThickness": 3.0,
      "SmallestImagePixelValue": 0,
      "SoftwareVersions": "syngo MR E11",
      "SpacingBetweenSlices": 2.9999999459645,
      "SpecificCharacterSet": "ISO_IR 100",
      "StudyID": "1",
      "StudyTime": "105242.310000",
      "TransmitCoilName": "Body",
      "VariableFlipAngleFlag": "N",
      "WindowCenterWidthExplanation": "Algo1",
      "dBdt": 0.0},
