{
  "AcquisitionMatrixPE": 74,
  "AcquisitionNumber": 1,
  "AcquisitionTime": "14:31:8.957500",
  "BandwidthPerPixelPhaseEncode": 25.497,
  "BaseResolution": 74,
  "BodyPartExamined": "BRAIN",
  "CoilCombinationMethod": "Sum of Squares",
  "ConsistencyInfo": "N4_VE11C_LATEST_20160120",
  "ConversionSoftware": "dcm2niix",
  "ConversionSoftwareVersion": "v1.0.20220720",
  "DerivedVendorReportedEchoSpacing": 0.000530004,
  "DeviceSerialNumber": "66018",
  "DwellTime": 3e-06,
  "EchoTime": 0.028,
  "EchoTrainLength": 74,
  "EffectiveEchoSpacing": 0.000530004,
  "FlipAngle": 80,
  "HeudiconvVersion": "0.12.2",
  "ImageOrientationPatientDICOM": [0.997683, -0.0311155, -0.0604964, 0.0231633, 0.991508, -0.127968],
  "ImageOrientationText": "Tra>Cor(-7.3)>Sag(-3.7)",
  "ImageType": [
    "ORIGINAL",
    "PRIMARY",
    "M",
    "ND",
    "MOSAIC"
],
  "ImagingFrequency": 123.168,
  "InPlanePhaseEncodingDirectionDICOM": "COL",
  "InstitutionAddress": "Stadium 1952,Princeton,NJ,US,08544",
  "InstitutionName": "Princeton University",
  "InstitutionalDepartmentName": "NeuroScience",
  "MRAcquisitionType": "2D",
  "MagneticFieldStrength": 3,
  "Manufacturer": "Siemens",
  "ManufacturersModelName": "Prisma",
  "Modality": "MR",
  "MultibandAccelerationFactor": 2,
  "NonlinearGradientCorrection": false,
  "PartialFourier": 1,
  "PatientPosition": "HFS",
  "PercentPhaseFOV": 100,
  "PercentSampling": 100,
  "PhaseEncodingDirection": "j-",
  "PhaseEncodingSteps": 74,
  "PhaseResolution": 1,
  "PixelBandwidth": 2250,
  "ProcedureStepDescription": "NormaL_Robert^Tangrams",
  "ProtocolName": "func_task-PostExposure_run-01",
  "PulseSequenceDetails": "%SiemensSeq%\\ep2d_bold",
  "ReceiveCoilActiveElements": "HC1-7",
  "ReceiveCoilName": "HeadNeck_64",
  "ReconMatrixPE": 74,
  "RefLinesPE": 12,
  "RepetitionTime": 1.5,
  "SAR": 0.0674672,
  "ScanOptions": "FS",
  "ScanningSequence": "EP",
  "SequenceName": "*epfid2d1_74",
  "SequenceVariant": "SK",
  "SeriesDescription": "func_task-PostExposure_run-01",
  "SeriesNumber": 15,
  "ShimSetting": [734, 485, 2056, 495, 35, 76, 108, 116],
  "SliceThickness": 3,
  "SliceTiming": [0.71, 0, 0.7725, 0.065, 0.8375, 0.13, 0.9025, 0.195, 0.965, 0.2575, 1.03, 0.3225, 1.095, 0.3875, 1.16, 0.4525, 1.2225, 0.515, 1.2875, 0.58, 1.3525, 0.645, 1.4175, 0.71, 0, 0.7725, 0.065, 0.8375, 0.13, 0.9025, 0.195, 0.965, 0.2575, 1.03, 0.3225, 1.095, 0.3875, 1.16, 0.4525, 1.2225, 0.515, 1.2875, 0.58, 1.3525, 0.645, 1.4175],
  "SoftwareVersions": "syngo MR E11",
  "SpacingBetweenSlices": 3,
  "StationName": "AWP66018",
  "TaskName": "PostExposure",
  "TotalReadoutTime": 0.0386903,
  "TxRefAmp": 231.651,
  "dcmmeta_affine": [
    [-2.9930498600006104, 0.06948990374803543, -0.19189347326755524, 108.2600326538086],
    [0.09334654361009598, 2.9745230674743652, -0.37881186604499817, -98.68468475341797],
    [-0.18148933351039886, 0.3839051425457001, 2.969794273376465, -68.10665130615234],
    [0.0, 0.0, 0.0, 1.0]
],
  "dcmmeta_reorient_transform": [
    [0.0, -1.0, 0.0, 73.0],
    [1.0, 0.0, 0.0, 0.0],
    [0.0, 0.0, 1.0, 0.0],
    [0.0, 0.0, 0.0, 1.0]
],
  "dcmmeta_shape": [74, 74, 46, 171],
  "dcmmeta_slice_dim": 2,
  "dcmmeta_version": 0.6,
  "global": {
    "const": {
      "AcquisitionMatrix": [74, 0, 0, 74],
      "AngioFlag": "N",
      "BitsAllocated": 16,
      "BitsStored": 12,
      "BodyPartExamined": "BRAIN",
      "Columns": 518,
      "EchoNumbers": 1,
      "EchoTime": 28.0,
      "EchoTrainLength": 74,
      "FlipAngle": 80.0,
      "HighBit": 11,
      "ImageOrientationPatient": [0.99768331909731, -0.0311155136083, -0.0604964429358, 0.02316330195072, 0.99150771790137, -0.1279683819729],
      "ImagePositionPatient": [-793.21664906459, -758.07671245469, 85.435997841958],
      "ImageType": [
        "ORIGINAL",
        "PRIMARY",
        "M",
        "ND",
        "MOSAIC"
],
      "ImagedNucleus": "1H",
      "ImagingFrequency": 123.167535,
      "InPlanePhaseEncodingDirection": "COL",
      "MRAcquisitionType": "2D",
      "MagneticFieldStrength": 3.0,
      "Manufacturer": "SIEMENS",
      "ManufacturerModelName": "Prisma",
      "Modality": "MR",
      "NumberOfAverages": 1.0,
      "NumberOfPhaseEncodingSteps": 74,
      "PercentPhaseFieldOfView": 100.0,
      "PercentSampling": 100.0,
      "PerformedProcedureStepStartTime": "124528.317000",
      "PhotometricInterpretation": "MONOCHROME2",
      "PixelBandwidth": 2250.0,
      "PixelRepresentation": 0,
      "PixelSpacing": [3.0, 3.0],
      "ProtocolName": "func_task-PostExposure_run-01",
      "RepetitionTime": 1500.0,
      "Rows": 518,
      "SAR": 0.06746718293988,
      "SamplesPerPixel": 1,
      "ScanOptions": "FS",
      "ScanningSequence": "EP",
      "SequenceName": "*epfid2d1_74",
      "SequenceVariant": "SK",
      "SeriesDescription": "func_task-PostExposure_run-01",
      "SeriesNumber": 15,
      "SeriesTime": "143110.895000",
      "SliceLocation": -61.88473740298,
      "SliceThickness": 3.0,
      "SmallestImagePixelValue": 0,
      "SoftwareVersions": "syngo MR E11",
      "SpacingBetweenSlices": 2.9999999438506,
      "SpecificCharacterSet": "ISO_IR 100",
      "StudyID": "1",
      "StudyTime": "124528.221000",
      "TransmitCoilName": "Body",
      "VariableFlipAngleFlag": "N",
      "WindowCenterWidthExplanation": "Algo1",
      "dBdt": 0.0},
