{
  "AcquisitionMatrixPE": 74,
  "AcquisitionNumber": 1,
  "AcquisitionTime": "14:21:22.920000",
  "BandwidthPerPixelPhaseEncode": 25.497,
  "BaseResolution": 74,
  "BodyPartExamined": "BRAIN",
  "CoilCombinationMethod": "Sum of Squares",
  "ConsistencyInfo": "N4_VE11C_LATEST_20160120",
  "ConversionSoftware": "dcm2niix",
  "ConversionSoftwareVersion": "v1.0.20220720",
  "DerivedVendorReportedEchoSpacing": 0.000530004,
  "DeviceSerialNumber": "45031",
  "DwellTime": 3e-06,
  "EchoTime": 0.028,
  "EchoTrainLength": 74,
  "EffectiveEchoSpacing": 0.000530004,
  "FlipAngle": 80,
  "HeudiconvVersion": "0.12.2",
  "ImageOrientationPatientDICOM": [0.999408, -0.0343427, -0.00214951, 0.0310585, 0.927197, -0.373285],
  "ImageOrientationText": "Tra>Cor(-21.9)>Sag(-0.8)",
  "ImageType": [
    "ORIGINAL",
    "PRIMARY",
    "M",
    "ND",
    "MOSAIC"
],
  "ImagingFrequency": 123.25,
  "InPlanePhaseEncodingDirectionDICOM": "COL",
  "InstitutionAddress": "Washington and Faculty Rd. - Building 25 25,Princeton,NJ,US,08540",
  "InstitutionName": "Princeton University - Neuroscience Institute",
  "InstitutionalDepartmentName": "Department",
  "MRAcquisitionType": "2D",
  "MagneticFieldStrength": 3,
  "Manufacturer": "Siemens",
  "ManufacturersModelName": "Skyra",
  "Modality": "MR",
  "MultibandAccelerationFactor": 2,
  "NonlinearGradientCorrection": false,
  "PartialFourier": 1,
  "PatientPosition": "HFS",
  "PercentPhaseFOV": 100,
  "PercentSampling": 100,
  "PhaseEncodingDirection": "j-",
  "PhaseEncodingSteps": 74,
  "PhaseResolution": 1,
  "PixelBandwidth": 2250,
  "ProcedureStepDescription": "NormaL_Robert^Tangrams",
  "ProtocolName": "func_task-PostExposure_run-01",
  "PulseSequenceDetails": "%SiemensSeq%\\ep2d_bold",
  "ReceiveCoilActiveElements": "HC2,4,6,7;NC2",
  "ReceiveCoilName": "HeadNeck_64",
  "ReconMatrixPE": 74,
  "RefLinesPE": 12,
  "RepetitionTime": 1.5,
  "SAR": 0.106944,
  "ScanOptions": "FS",
  "ScanningSequence": "EP",
  "SequenceName": "*epfid2d1_74",
  "SequenceVariant": "SK",
  "SeriesDescription": "func_task-PostExposure_run-01",
  "SeriesNumber": 21,
  "ShimSetting": [3377, 8785, 9363, 572, 3, 238, 242, 231],
  "SliceThickness": 3,
  "SliceTiming": [0.7075, 0, 0.77, 0.0625, 0.835, 0.1275, 0.9, 0.1925, 0.965, 0.255, 1.0275, 0.32, 1.0925, 0.385, 1.1575, 0.45, 1.2225, 0.5125, 1.285, 0.5775, 1.35, 0.6425, 1.415, 0.7075, 0, 0.77, 0.0625, 0.835, 0.1275, 0.9, 0.1925, 0.965, 0.255, 1.0275, 0.32, 1.0925, 0.385, 1.1575, 0.45, 1.2225, 0.5125, 1.285, 0.5775, 1.35, 0.6425, 1.415],
  "SoftwareVersions": "syngo MR E11",
  "SpacingBetweenSlices": 3,
  "StationName": "AWP45031",
  "TaskName": "PostExposure",
  "TotalReadoutTime": 0.0386903,
  "TxRefAmp": 349.074,
  "dcmmeta_affine": [
    [-2.998223304748535, 0.09317544102668762, -0.0444379597902298, 104.79572296142578],
    [0.10302820801734924, 2.7815897464752197, -1.1189924478530884, -124.80815887451172],
    [-0.00644851615652442, 1.1198558807373047, 2.783142328262329, -95.09326934814453],
    [0.0, 0.0, 0.0, 1.0]
],
  "dcmmeta_reorient_transform": [
    [0.0, -1.0, 0.0, 73.0],
    [1.0, 0.0, 0.0, 0.0],
    [0.0, 0.0, 1.0, 0.0],
    [0.0, 0.0, 0.0, 1.0]
],
  "dcmmeta_shape": [74, 74, 46, 173],
  "dcmmeta_slice_dim": 2,
  "dcmmeta_version": 0.6,
  "global": {
    "const": {
      "AcquisitionMatrix": [74, 0, 0, 74],
      "AngioFlag": "N",
      "BitsAllocated": 16,
      "BitsStored": 12,
      "BodyPartExamined": "BRAIN",
      "Columns": 518,
      "EchoNumbers": 1,
      "EchoTime": 28.0,
      "EchoTrainLength": 74,
      "FlipAngle": 80.0,
      "HighBit": 11,
      "ImageOrientationPatient": [0.99940780269399, -0.0343427363635, -0.0021495053915, 0.0310584808378, 0.92719655550194, -0.3732853040683],
      "ImagePositionPatient": [-797.88807469457, -672.88852693709, 236.6957990682],
      "ImageType": [
        "ORIGINAL",
        "PRIMARY",
        "M",
        "ND",
        "MOSAIC"
],
      "ImagedNucleus": "1H",
      "ImagingFrequency": 123.250326,
      "InPlanePhaseEncodingDirection": "COL",
      "MRAcquisitionType": "2D",
      "MagneticFieldStrength": 3.0,
      "Manufacturer": "SIEMENS",
      "ManufacturerModelName": "Skyra",
      "Modality": "MR",
      "NumberOfAverages": 1.0,
      "NumberOfPhaseEncodingSteps": 74,
      "PercentPhaseFieldOfView": 100.0,
      "PercentSampling": 100.0,
      "PerformedProcedureStepStartTime": "113539.887000",
      "PhotometricInterpretation": "MONOCHROME2",
      "PixelBandwidth": 2250.0,
      "PixelRepresentation": 0,
      "PixelSpacing": [3.0, 3.0],
      "ProtocolName": "func_task-PostExposure_run-01",
      "RepetitionTime": 1500.0,
      "Rows": 518,
      "SAR": 0.10694394227119,
      "SamplesPerPixel": 1,
      "ScanOptions": "FS",
      "ScanningSequence": "EP",
      "SequenceName": "*epfid2d1_74",
      "SequenceVariant": "SK",
      "SeriesDescription": "func_task-PostExposure_run-01",
      "SeriesNumber": 21,
      "SeriesTime": "142125.044000",
      "SliceLocation": -43.21853584998,
      "SliceThickness": 3.0,
      "SmallestImagePixelValue": 0,
      "SoftwareVersions": "syngo MR E11",
      "SpacingBetweenSlices": 2.9999999900722,
      "SpecificCharacterSet": "ISO_IR 100",
      "StudyID": "1",
      "StudyTime": "113539.817000",
      "TransmitCoilName": "Body",
      "VariableFlipAngleFlag": "N",
      "WindowCenterWidthExplanation": "Algo1",
      "dBdt": 0.0},
