{
  "AcquisitionMatrixPE": 74,
  "AcquisitionNumber": 1,
  "AcquisitionTime": "13:03:14.285000",
  "BandwidthPerPixelPhaseEncode": 25.497,
  "BaseResolution": 74,
  "BodyPartExamined": "BRAIN",
  "CoilCombinationMethod": "Sum of Squares",
  "ConsistencyInfo": "N4_VE11C_LATEST_20160120",
  "ConversionSoftware": "dcm2niix",
  "ConversionSoftwareVersion": "v1.0.20220720",
  "DerivedVendorReportedEchoSpacing": 0.000530004,
  "DeviceSerialNumber": "45031",
  "DwellTime": 3e-06,
  "EchoTime": 0.028,
  "EchoTrainLength": 74,
  "EffectiveEchoSpacing": 0.000530004,
  "FlipAngle": 80,
  "HeudiconvVersion": "0.12.2",
  "ImageOrientationPatientDICOM": [0.0353952, 0.988206, -0.148984, 0.0161278, -0.149623, -0.988612],
  "ImageOrientationText": "Sag>Cor(1.9)>Tra(-1.2)",
  "ImageType": [
    "ORIGINAL",
    "PRIMARY",
    "M",
    "ND",
    "MOSAIC"
],
  "ImagingFrequency": 123.25,
  "InPlanePhaseEncodingDirectionDICOM": "ROW",
  "InstitutionAddress": "Washington and Faculty Rd. - Building 25 25,Princeton,NJ,US,08540",
  "InstitutionName": "Princeton University - Neuroscience Institute",
  "InstitutionalDepartmentName": "Department",
  "MRAcquisitionType": "2D",
  "MagneticFieldStrength": 3,
  "Manufacturer": "Siemens",
  "ManufacturersModelName": "Skyra",
  "Modality": "MR",
  "MultibandAccelerationFactor": 2,
  "NonlinearGradientCorrection": false,
  "PartialFourier": 1,
  "PatientPosition": "HFS",
  "PercentPhaseFOV": 100,
  "PercentSampling": 100,
  "PhaseEncodingDirection": "i",
  "PhaseEncodingSteps": 74,
  "PhaseResolution": 1,
  "PixelBandwidth": 2250,
  "ProcedureStepDescription": "NormaL_Robert^Tangrams",
  "ProtocolName": "func_task-Repeated_run-04",
  "PulseSequenceDetails": "%SiemensSeq%\\ep2d_bold",
  "ReceiveCoilActiveElements": "HC1-7",
  "ReceiveCoilName": "HeadNeck_64",
  "ReconMatrixPE": 74,
  "RefLinesPE": 12,
  "RepetitionTime": 2.27,
  "SAR": 0.0814764,
  "ScanOptions": "FS",
  "ScanningSequence": "EP",
  "SequenceName": "*epfid2d1_74",
  "SequenceVariant": "SK",
  "SeriesDescription": "func_task-Repeated_run-04",
  "SeriesNumber": 16,
  "ShimSetting": [3355, 8711, 9148, 430, 126, -734, 132, 153],
  "SliceThickness": 3,
  "SliceTiming": [1.0925, 0, 1.1575, 0.065, 1.2225, 0.13, 1.285, 0.1925, 1.35, 0.2575, 1.415, 0.3225, 1.48, 0.385, 1.5425, 0.45, 1.6075, 0.515, 1.6725, 0.58, 1.735, 0.6425, 1.8, 0.7075, 1.865, 0.7725, 1.93, 0.835, 1.9925, 0.9, 2.0575, 0.965, 2.1225, 1.03, 2.185, 1.0925, 0, 1.1575, 0.065, 1.2225, 0.13, 1.285, 0.1925, 1.35, 0.2575, 1.415, 0.3225, 1.48, 0.385, 1.5425, 0.45, 1.6075, 0.515, 1.6725, 0.58, 1.735, 0.6425, 1.8, 0.7075, 1.865, 0.7725, 1.93, 0.835, 1.9925, 0.9, 2.0575, 0.965, 2.1225, 1.03, 2.185],
  "SoftwareVersions": "syngo MR E11",
  "SpacingBetweenSlices": 3,
  "StationName": "AWP45031",
  "TaskName": "Repeated",
  "TotalReadoutTime": 0.0386903,
  "TxRefAmp": 313.805,
  "dcmmeta_affine": [
    [-0.10618573427200317, 0.04838338494300842, -2.997729778289795, 104.36914825439453],
    [-2.9646177291870117, -0.4488685429096222, 0.09776809811592102, 88.45043182373047],
    [-0.44695207476615906, 2.965834856033325, 0.06370055675506592, -90.15190124511719],
    [0.0, 0.0, 0.0, 1.0]
],
  "dcmmeta_reorient_transform": [
    [0.0, -1.0, 0.0, 73.0],
    [1.0, 0.0, 0.0, 0.0],
    [0.0, 0.0, 1.0, 0.0],
    [0.0, 0.0, 0.0, 1.0]
],
  "dcmmeta_shape": [74, 74, 70, 151],
  "dcmmeta_slice_dim": 2,
  "dcmmeta_version": 0.6,
  "global": {
    "const": {
      "AcquisitionMatrix": [0, 74, 74, 0],
      "AngioFlag": "N",
      "BitsAllocated": 16,
      "BitsStored": 12,
      "BodyPartExamined": "BRAIN",
      "Columns": 666,
      "EchoNumbers": 1,
      "EchoTime": 28.0,
      "EchoTrainLength": 74,
      "FlipAngle": 80.0,
      "HighBit": 11,
      "ImageOrientationPatient": [0.03539524501934, 0.98820591773212, -0.1489840286381, 0.01612779501243, -0.1496228504797, -0.9886116006008],
      "ImagePositionPatient": [-153.65359249223, -800.34478783508, 1136.538959715],
      "ImageType": [
        "ORIGINAL",
        "PRIMARY",
        "M",
        "ND",
        "MOSAIC"
],
      "ImagedNucleus": "1H",
      "ImagingFrequency": 123.250126,
      "InPlanePhaseEncodingDirection": "ROW",
      "MRAcquisitionType": "2D",
      "MagneticFieldStrength": 3.0,
      "Manufacturer": "SIEMENS",
      "ManufacturerModelName": "Skyra",
      "Modality": "MR",
      "NumberOfAverages": 1.0,
      "NumberOfPhaseEncodingSteps": 74,
      "PercentPhaseFieldOfView": 100.0,
      "PercentSampling": 100.0,
      "PerformedProcedureStepStartTime": "112057.529000",
      "PhotometricInterpretation": "MONOCHROME2",
      "PixelBandwidth": 2250.0,
      "PixelRepresentation": 0,
      "PixelSpacing": [3.0, 3.0],
      "ProtocolName": "func_task-Repeated_run-04",
      "RepetitionTime": 2270.0,
      "Rows": 666,
      "SAR": 0.08147641503216,
      "SamplesPerPixel": 1,
      "ScanOptions": "FS",
      "ScanningSequence": "EP",
      "SequenceName": "*epfid2d1_74",
      "SequenceVariant": "SK",
      "SeriesDescription": "func_task-Repeated_run-04",
      "SeriesNumber": 16,
      "SeriesTime": "130316.769000",
      "SliceLocation": -103.32186316719,
      "SliceThickness": 3.0,
      "SmallestImagePixelValue": 0,
      "SoftwareVersions": "syngo MR E11",
      "SpacingBetweenSlices": 3.0000000138739,
      "SpecificCharacterSet": "ISO_IR 100",
      "StudyID": "1",
      "StudyTime": "112057.452000",
      "TransmitCoilName": "Body",
      "VariableFlipAngleFlag": "N",
      "WindowCenterWidthExplanation": "Algo1",
      "dBdt": 0.0},
